PATH
  remote: .
  specs:
    incr (0.1.0)
      gli (= 2.17.1)

GEM
  remote: https://rubygems.org/
  specs:
    gli (2.17.1)

PLATFORMS
  ruby

DEPENDENCIES
  incr!

BUNDLED WITH
   1.16.0
