PATH
  remote: .
  specs:
    incr (0.1.0)

GEM
  remote: https://rubygems.org/
  specs:

PLATFORMS
  ruby

DEPENDENCIES
  incr!

BUNDLED WITH
   1.16.0
